PATH
  remote: .
  specs:
    cequel (0.5.9)
      activemodel (~> 3.1)
      activesupport (~> 3.1)
      cassandra-cql (~> 1.0)
      connection_pool (~> 0.9.2)
      i18n

GEM
  remote: http://rubygems.org/
  specs:
    activemodel (3.2.18)
      activesupport (= 3.2.18)
      builder (~> 3.0.0)
    activesupport (3.2.18)
      i18n (~> 0.6, >= 0.6.4)
      multi_json (~> 1.0)
    builder (3.0.3)
    byebug (3.1.2)
      columnize (~> 0.8)
      debugger-linecache (~> 1.2)
    cassandra-cql (1.2.2)
      simple_uuid (>= 0.2.0)
      thrift_client (>= 0.7.1, < 0.9)
    columnize (0.8.9)
    connection_pool (0.9.3)
    debugger-linecache (1.2.0)
    diff-lcs (1.1.3)
    geminabox (0.7.0)
      builder
      httpclient
      sinatra
    httpclient (2.2.7)
    i18n (0.6.9)
    multi_json (1.10.1)
    rack (1.4.1)
    rack-protection (1.2.0)
      rack
    rspec (2.11.0)
      rspec-core (~> 2.11.0)
      rspec-expectations (~> 2.11.0)
      rspec-mocks (~> 2.11.0)
    rspec-core (2.11.1)
    rspec-expectations (2.11.3)
      diff-lcs (~> 1.1.3)
    rspec-mocks (2.11.2)
    simple_uuid (0.4.0)
    sinatra (1.3.3)
      rack (~> 1.3, >= 1.3.6)
      rack-protection (~> 1.2)
      tilt (~> 1.3, >= 1.3.3)
    thrift (0.8.0)
    thrift_client (0.8.4)
      thrift (~> 0.8.0)
    tilt (1.3.3)
    yard (0.8.2.1)

PLATFORMS
  ruby

DEPENDENCIES
  byebug
  cequel!
  geminabox
  rspec (~> 2.0)
  yard (~> 0.6)
