PATH
  remote: .
  specs:
    cequel (0.5.7)
      activemodel (~> 3.1)
      activesupport (~> 3.1)
      cassandra-cql (~> 1.0)
      connection_pool (~> 0.9.2)
      i18n

GEM
  remote: http://rubygems.org/
  specs:
    activemodel (3.2.18)
      activesupport (= 3.2.18)
      builder (~> 3.0.0)
    activesupport (3.2.18)
      i18n (~> 0.6, >= 0.6.4)
      multi_json (~> 1.0)
    builder (3.0.3)
    cassandra-cql (1.2.2)
      simple_uuid (>= 0.2.0)
      thrift_client (>= 0.7.1, < 0.9)
    coderay (1.0.9)
    connection_pool (0.9.3)
    diff-lcs (1.1.3)
    geminabox (0.7.0)
      builder
      httpclient
      sinatra
    httpclient (2.2.7)
    i18n (0.6.9)
    method_source (0.8.2)
    multi_json (1.10.0)
    pry (0.9.12.2)
      coderay (~> 1.0.5)
      method_source (~> 0.8)
      slop (~> 3.4)
    rack (1.4.1)
    rack-protection (1.2.0)
      rack
    rspec (2.11.0)
      rspec-core (~> 2.11.0)
      rspec-expectations (~> 2.11.0)
      rspec-mocks (~> 2.11.0)
    rspec-core (2.11.1)
    rspec-expectations (2.11.3)
      diff-lcs (~> 1.1.3)
    rspec-mocks (2.11.2)
    simple_uuid (0.4.0)
    sinatra (1.3.3)
      rack (~> 1.3, >= 1.3.6)
      rack-protection (~> 1.2)
      tilt (~> 1.3, >= 1.3.3)
    slop (3.4.6)
    thrift (0.8.0)
    thrift_client (0.8.4)
      thrift (~> 0.8.0)
    tilt (1.3.3)
    yard (0.8.2.1)

PLATFORMS
  ruby

DEPENDENCIES
  cequel!
  geminabox
  pry
  rspec (~> 2.0)
  yard (~> 0.6)
